GIT
  remote: git://github.com/maccman/sinatra-contrib.git
  revision: 3dde2819a31791a9124d916c4449df0741af45f9
  specs:
    sinatra-contrib (1.4.1)
      multi_json
      rack-protection
      rack-test
      sinatra (~> 1.4.0)
      tilt (~> 1.3)

GEM
  remote: https://rubygems.org/
  specs:
    activesupport (4.1.16)
      i18n (~> 0.6, >= 0.6.9)
      json (~> 1.7, >= 1.7.7)
      minitest (~> 5.1)
      thread_safe (~> 0.1)
      tzinfo (~> 1.1)
    builder (3.2.2)
    closure-compiler (1.1.10)
    coffee-script (2.2.0)
      coffee-script-source
      execjs
    coffee-script-source (1.7.0)
    daemons (1.1.9)
    dalli (2.7.0)
    eco (1.0.0)
      coffee-script
      eco-source
      execjs
    eco-source (1.1.0.rc.1)
    erubis (2.7.0)
    eventmachine (1.0.3)
    execjs (2.0.2)
    hike (1.2.3)
    i18n (0.6.9)
    iniparser (0.1.0)
    json (1.8.1)
    kgio (2.9.2)
    kramdown (1.16.2)
    logutils (0.6.1)
    markdown (1.2.0)
      kramdown (>= 1.5.0)
      props (>= 1.1.2)
      textutils (>= 0.10.0)
    memcachier (0.0.2)
    minitest (5.11.3)
    multi_json (1.9.2)
    props (1.2.0)
      iniparser (>= 0.1.0)
    rack (1.5.5)
    rack-protection (1.5.2)
      rack
    rack-ssl (1.4.1)
      rack
    rack-standards (0.0.1)
    rack-test (0.6.2)
      rack (>= 1.0)
    raindrops (0.13.0)
    rake (10.2.1)
    rdiscount (2.2.0.1)
    redcarpet (3.1.1)
    rubyzip (1.2.1)
    sinatra (1.4.4)
      rack (~> 1.4)
      rack-protection (~> 1.4)
      tilt (~> 1.3, >= 1.3.4)
    sprockets (2.12.4)
      hike (~> 1.2)
      multi_json (~> 1.0)
      rack (~> 1.0)
      tilt (~> 1.1, != 1.3.0)
    sprockets-memcache-store (0.0.1)
      dalli
    stylus (1.0.1)
      execjs
      stylus-source
    stylus-source (0.42.2)
    textutils (1.4.0)
      activesupport
      logutils (>= 0.6.1)
      props (>= 1.1.2)
      rubyzip (>= 1.0.0)
    thin (1.6.2)
      daemons (>= 1.0.9)
      eventmachine (>= 1.0.0)
      rack (>= 1.0.0)
    thread_safe (0.3.6)
    tilt (1.4.1)
    tzinfo (1.2.4)
      thread_safe (~> 0.1)
    uglifier (2.5.0)
      execjs (>= 0.3.0)
      json (>= 1.8.0)
    unicorn (4.8.2)
      kgio (~> 2.6)
      rack
      raindrops (~> 0.7)
    yui-compressor (0.12.0)

PLATFORMS
  ruby

DEPENDENCIES
  activesupport (~> 4.1.11)
  builder
  closure-compiler
  coffee-script
  dalli
  eco
  erubis
  i18n
  json
  markdown
  memcachier
  rack (~> 1.5.4)
  rack-ssl
  rack-standards
  rake
  rdiscount
  redcarpet
  sinatra
  sinatra-contrib!
  sprockets (~> 2.12.3)
  sprockets-memcache-store
  stylus
  stylus-source
  thin
  uglifier
  unicorn
  yui-compressor

RUBY VERSION
   ruby 2.1.1p76

BUNDLED WITH
   1.16.1
